PATH
  remote: .
  specs:
    rstanton_palindrome (0.1.0)

GEM
  remote: https://rubygems.org/
  specs:
    minitest (5.16.3)
    rake (13.0.6)

PLATFORMS
  arm64-darwin-22

DEPENDENCIES
  minitest (~> 5.0)
  rake (~> 13.0)
  rstanton_palindrome!

BUNDLED WITH
   2.3.26
